GEM
  remote: https://rubygems.org/
  specs:
    minitest (5.19.0)

PLATFORMS
  arm64-darwin-21

DEPENDENCIES
  minitest (~> 5.18)

BUNDLED WITH
   2.4.10
